GEM
  remote: https://rubygems.org/
  specs:
    celluloid (0.16.0)
      timers (~> 4.0.0)
    faraday (0.9.1)
      multipart-post (>= 1.2, < 3)
    ffi (1.9.6)
    hitimes (1.2.2)
    iconv (1.0.4)
    listen (2.7.12)
      celluloid (>= 0.15.2)
      rb-fsevent (>= 0.9.3)
      rb-inotify (>= 0.9)
    mini_portile (0.6.2)
    multipart-post (2.0.0)
    nokogiri (1.6.6.2)
      mini_portile (~> 0.6.0)
    nori (2.4.0)
    patron (0.4.18)
    rb-fsevent (0.9.4)
    rb-inotify (0.9.5)
      ffi (>= 0.5.0)
    ruby-sun-times (0.1.5)
    timers (4.0.1)
      hitimes

PLATFORMS
  ruby

DEPENDENCIES
  faraday
  iconv
  listen
  nokogiri
  nori
  patron
  ruby-sun-times
